GEM
  remote: https://rubygems.org/
  specs:
    byebug (11.1.3)
    chrono_logger (1.1.2)
    clogger (2.4.0)
      rack (>= 1.0, < 3.0)
    coderay (1.1.3)
    color (1.8)
    date (3.3.3)
    deprecated (2.0.1)
    diff-lcs (1.5.0)
    docile (1.4.0)
    flexmock (2.3.6)
    hpricot (0.8.6)
    htmlgrid (1.2.3)
      sbsm (>= 1.2.7)
    mail (2.7.1)
      mini_mime (>= 0.1.1)
    method_source (1.0.0)
    mimemagic (0.4.3)
      nokogiri (~> 1)
      rake
    mini_mime (1.1.2)
    minitest (5.17.0)
    needle (1.3.0)
    net-imap (0.3.4)
      date
      net-protocol
    net-pop (0.1.2)
      net-protocol
    net-protocol (0.2.1)
      timeout
    net-smtp (0.3.3)
      net-protocol
    nokogiri (1.14.3-x86_64-linux)
      racc (~> 1.4)
    odba (1.1.8)
    pg (1.4.5)
    pkg-config (1.5.5)
    power_assert (2.0.3)
    pry (0.14.2)
      coderay (~> 1.1)
      method_source (~> 1.0)
    pry-byebug (3.10.1)
      byebug (~> 11.0)
      pry (>= 0.13, < 0.15)
    pry-doc (1.4.0)
      pry (~> 0.11)
      yard (~> 0.9.11)
    racc (1.6.2)
    rack (2.2.6.4)
    rackup (1.0.0)
      rack (< 3)
      webrick
    rake (13.0.6)
    rclconf (1.0.0)
    regexp_parser (2.6.2)
    rexml (3.2.5)
    rmagick (5.3.0)
      pkg-config (~> 1.4)
    rrba (1.0.0)
    rspec (3.12.0)
      rspec-core (~> 3.12.0)
      rspec-expectations (~> 3.12.0)
      rspec-mocks (~> 3.12.0)
    rspec-core (3.12.0)
      rspec-support (~> 3.12.0)
    rspec-expectations (3.12.2)
      diff-lcs (>= 1.2.0, < 2.0)
      rspec-support (~> 3.12.0)
    rspec-mocks (3.12.3)
      diff-lcs (>= 1.2.0, < 2.0)
      rspec-support (~> 3.12.0)
    rspec-support (3.12.0)
    rubyzip (2.3.2)
    sbsm (1.6.1)
      chrono_logger
      hpricot
      mail
      mimemagic
      rack
    selenium-webdriver (4.7.1)
      rexml (~> 3.2, >= 3.2.5)
      rubyzip (>= 1.2.2, < 3.0)
      websocket (~> 1.0)
    simplecov (0.22.0)
      docile (~> 1.1)
      simplecov-html (~> 0.11)
      simplecov_json_formatter (~> 0.1)
    simplecov-html (0.12.3)
    simplecov_json_formatter (0.1.4)
    syck (1.4.1)
    test-unit (3.5.7)
      power_assert
    timeout (0.3.1)
    transaction-simple (1.4.0.2)
    watir (7.2.2)
      regexp_parser (>= 1.2, < 3)
      selenium-webdriver (~> 4.2)
    webrick (1.8.1)
    websocket (1.2.9)
    yard (0.9.35)
    ydbd-pg (0.5.9)
      pg
      ydbi (= 0.5.9)
    ydbi (0.5.9)
      deprecated (= 2.0.1)
    ydim (1.1.5)
      deprecated (= 2.0.1)
      hpricot
      mail
      needle
      net-imap
      net-pop
      net-smtp
      odba (>= 1.1.2)
      pkg-config
      rclconf
      rexml
      rrba
      syck
      ydbd-pg (>= 0.5.5)
      ydbi (>= 0.5.5)
      ypdf-writer
    ypdf-writer (1.3.5)
      color (>= 1.4.0)
      hpricot
      rexml
      rmagick
      transaction-simple (~> 1.3)

PLATFORMS
  x86_64-linux

DEPENDENCIES
  bundler
  clogger
  flexmock
  htmlgrid (>= 1.0.8)
  mail (= 2.7.1)
  minitest
  net-imap
  net-pop
  net-smtp
  pg (>= 1.0.0)
  pry-byebug
  pry-doc
  rackup
  rake
  rclconf
  rspec
  sbsm (>= 1.5.9)
  simplecov
  syck
  test-unit
  watir
  ydim

BUNDLED WITH
   2.4.4
